GEM
  remote: http://rubygems.org/
  specs:
    diff-lcs (1.2.5)
    power_assert (0.1.4)
    rack (1.5.2)
    rspec-expectations (3.1.2)
      diff-lcs (>= 1.2.0, < 2.0)
      rspec-support (~> 3.1.0)
    rspec-support (3.1.1)
    test-unit (3.0.1)
      power_assert

PLATFORMS
  ruby

DEPENDENCIES
  rack
  rspec-expectations
  test-unit
